GEM
  remote: https://rubygems.org/
  specs:
    dotenv (3.1.8)
    mac-address (1.6.3)
      systemu (~> 2.5.0)
    systemu (2.5.2)

PLATFORMS
  ruby
  x86_64-linux

DEPENDENCIES
  dotenv
  mac-address

BUNDLED WITH
   2.6.5
